GEM
  remote: https://rubygems.org/
  specs:
    aws-sdk-core (2.0.0.rc8)
      builder (~> 3.0)
      jamespath
      multi_json (~> 1.0)
      multi_xml (~> 0.5)
    builder (3.2.2)
    cliver (0.3.2)
    diff-lcs (1.2.5)
    dotenv (0.11.1)
      dotenv-deployment (~> 0.0.2)
    dotenv-deployment (0.0.2)
    ffi (1.9.3)
    ffi (1.9.3-java)
    httpclient (2.4.0)
    jamespath (0.5.0)
    jdbc-sqlite3 (3.7.2.1)
    json (1.8.1)
    json (1.8.1-java)
    mini_portile (0.6.0)
    multi_json (1.10.1)
    multi_xml (0.5.5)
    nokogiri (1.6.2.1)
      mini_portile (= 0.6.0)
    nokogiri (1.6.2.1-java)
    opener-core (1.0.2)
      nokogiri
    opener-daemons (1.1.1)
      aws-sdk-core (>= 2.0.0.rc1, < 3)
      dotenv
      spoon
    opener-language-identifier (3.0.4)
      builder
      httpclient
      nokogiri
      opener-daemons
      opener-webservice
      puma
      sinatra (~> 1.4.2)
      uuidtools
    opener-pos-tagger (2.1.8)
      httpclient
      nokogiri
      opener-core (~> 1.0)
      opener-daemons
      opener-pos-tagger-base
      opener-pos-tagger-en-es (~> 2.0, >= 2.0.2)
      opener-webservice
      puma
      sinatra (~> 1.4.2)
    opener-pos-tagger-base (2.0.1)
      cliver
      rake
    opener-pos-tagger-en-es (2.0.2)
    opener-tokenizer (1.1.2)
      httpclient
      nokogiri
      opener-core (>= 1.0.2)
      opener-daemons
      opener-tokenizer-base (>= 0.3.1)
      opener-webservice
      puma
      sinatra (~> 1.4.2)
    opener-tokenizer-base (1.0.0)
    opener-webservice (1.0.1)
      json
      sinatra (~> 1.4.3)
      uuidtools
    puma (2.8.2)
      rack (>= 1.1, < 2.0)
    puma (2.8.2-java)
      rack (>= 1.1, < 2.0)
    rack (1.5.2)
    rack-protection (1.5.3)
      rack
    rake (10.3.2)
    rspec (3.0.0)
      rspec-core (~> 3.0.0)
      rspec-expectations (~> 3.0.0)
      rspec-mocks (~> 3.0.0)
    rspec-core (3.0.0)
      rspec-support (~> 3.0.0)
    rspec-expectations (3.0.0)
      diff-lcs (>= 1.2.0, < 2.0)
      rspec-support (~> 3.0.0)
    rspec-mocks (3.0.1)
      rspec-support (~> 3.0.0)
    rspec-support (3.0.0)
    sequel (4.11.0)
    sinatra (1.4.5)
      rack (~> 1.4)
      rack-protection (~> 1.4)
      tilt (~> 1.3, >= 1.3.4)
    slop (3.5.0)
    spoon (0.0.4)
      ffi
    terminal-table (1.4.5)
    tilt (1.4.1)
    uuidtools (2.1.4)

PLATFORMS
  java

DEPENDENCIES
  jdbc-sqlite3
  opener-language-identifier (~> 3.0)
  opener-pos-tagger (~> 2.0)
  opener-tokenizer (~> 1.0)
  rake
  rspec
  sequel
  slop
  terminal-table
