GEM
  remote: https://rubygems.org/
  specs:
    aws-sdk-core (2.0.0.rc9)
      builder (~> 3.0)
      jamespath
      multi_json (~> 1.0)
      multi_xml (~> 0.5)
    builder (3.2.2)
    cliver (0.3.2)
    diff-lcs (1.2.5)
    dotenv (0.11.1)
      dotenv-deployment (~> 0.0.2)
    dotenv-deployment (0.0.2)
    ffi (1.9.3-java)
    httpclient (2.4.0)
    jamespath (0.5.0)
    jdbc-sqlite3 (3.7.2.1)
    json (1.8.1-java)
    multi_json (1.10.1)
    multi_xml (0.5.5)
    nokogiri (1.6.2.1-java)
    opener-constituent-parser (1.2.3)
      httpclient
      nokogiri
      opener-constituent-parser-base (~> 1.0, >= 1.0.6)
      opener-constituent-parser-de (~> 1.1)
      opener-constituent-parser-nl (~> 1.0)
      opener-core (~> 1.0)
      opener-daemons
      opener-webservice
      puma
      sinatra (~> 1.4.2)
    opener-constituent-parser-base (1.0.6)
    opener-constituent-parser-de (1.1.1)
      cliver
      rake
    opener-constituent-parser-nl (1.0.0)
      cliver
      nokogiri
      rake
    opener-core (1.0.2)
      nokogiri
    opener-coreference (1.1.2)
      httpclient
      nokogiri
      opener-core (~> 1.0)
      opener-coreference-base
      opener-daemons
      opener-webservice
      puma
      sinatra (~> 1.4)
    opener-coreference-base (2.0.3)
      cliver
      nokogiri
      rake
    opener-daemons (1.1.1)
      aws-sdk-core (>= 2.0.0.rc1, < 3)
      dotenv
      spoon
    opener-language-identifier (3.1.6)
      builder
      httpclient
      nokogiri
      opener-core (~> 1.0.2)
      opener-daemons
      opener-webservice
      puma
      sinatra (~> 1.4.2)
      uuidtools
    opener-ned (2.4.0)
      httpclient
      nokogiri
      opener-core (~> 1.0)
      opener-daemons
      opener-webservice
      puma
      sinatra (~> 1.4)
    opener-ner (2.0.7)
      httpclient
      nokogiri
      opener-core (~> 1.0)
      opener-daemons
      opener-ner-base (~> 2.0, >= 2.0.1)
      opener-webservice
      puma
      sinatra (~> 1.4)
    opener-ner-base (2.0.1)
    opener-opinion-detector (1.2.0)
      httpclient
      nokogiri
      opener-core (~> 1.0.2)
      opener-daemons
      opener-opinion-detector-base
      opener-webservice
      puma
      sinatra (~> 1.4.2)
    opener-opinion-detector-base (2.2.0)
      cliver
      nokogiri
      rake
    opener-opinion-detector-basic (1.0.8)
      cliver
      httpclient
      nokogiri
      opener-core (~> 1.0)
      opener-daemons
      opener-webservice
      puma
      rake
      sinatra
    opener-polarity-tagger (2.4.2)
      cliver
      httpclient
      nokogiri
      opener-core (~> 1.0)
      opener-daemons
      opener-webservice
      puma
      rake
      sinatra
    opener-pos-tagger (2.2.0)
      httpclient
      nokogiri
      opener-core (~> 1.0)
      opener-daemons
      opener-pos-tagger-base (~> 2.0, >= 2.1.0)
      opener-pos-tagger-en-es (~> 2.0, >= 2.0.2)
      opener-webservice
      puma
      sinatra (~> 1.4.2)
    opener-pos-tagger-base (2.1.0)
      cliver
      rake
    opener-pos-tagger-en-es (2.0.2)
    opener-property-tagger (2.2.9)
      cliver
      httpclient
      nokogiri
      opener-core (~> 1.0.2)
      opener-daemons
      opener-webservice
      puma
      rake
      sinatra
    opener-tokenizer (1.1.2)
      httpclient
      nokogiri
      opener-core (>= 1.0.2)
      opener-daemons
      opener-tokenizer-base (>= 0.3.1)
      opener-webservice
      puma
      sinatra (~> 1.4.2)
    opener-tokenizer-base (1.0.0)
    opener-tree-tagger (3.2.7)
      cliver
      httpclient
      nokogiri
      opener-core (~> 1.0, >= 1.0.2)
      opener-daemons
      opener-webservice
      puma
      rake
      sinatra
    opener-webservice (1.0.1)
      json
      sinatra (~> 1.4.3)
      uuidtools
    puma (2.8.2-java)
      rack (>= 1.1, < 2.0)
    rack (1.5.2)
    rack-protection (1.5.3)
      rack
    rake (10.3.2)
    rspec (3.0.0)
      rspec-core (~> 3.0.0)
      rspec-expectations (~> 3.0.0)
      rspec-mocks (~> 3.0.0)
    rspec-core (3.0.2)
      rspec-support (~> 3.0.0)
    rspec-expectations (3.0.2)
      diff-lcs (>= 1.2.0, < 2.0)
      rspec-support (~> 3.0.0)
    rspec-mocks (3.0.2)
      rspec-support (~> 3.0.0)
    rspec-support (3.0.2)
    sequel (4.11.0)
    sinatra (1.4.5)
      rack (~> 1.4)
      rack-protection (~> 1.4)
      tilt (~> 1.3, >= 1.3.4)
    slop (3.5.0)
    spoon (0.0.4)
      ffi
    terminal-table (1.4.5)
    tilt (1.4.1)
    uuidtools (2.1.4)

PLATFORMS
  java

DEPENDENCIES
  jdbc-sqlite3
  opener-constituent-parser (~> 1.2, >= 1.2.1)
  opener-coreference (~> 1.1)
  opener-language-identifier (~> 3.0)
  opener-ned (~> 2.4)
  opener-ner (~> 2.0, >= 2.0.7)
  opener-opinion-detector (~> 1.2)
  opener-opinion-detector-basic (~> 1.0)
  opener-polarity-tagger (~> 2.0)
  opener-pos-tagger (~> 2.2)
  opener-property-tagger (~> 2.2)
  opener-tokenizer (~> 1.0)
  opener-tree-tagger (~> 3.0)
  rake
  rspec
  sequel
  slop
  terminal-table
